GEM
  remote: http://rubygems.org/
  specs:
    mime-types (1.21)
    rest-client (1.6.7)
      mime-types (>= 1.16)

PLATFORMS
  ruby

DEPENDENCIES
  rest-client

RUBY VERSION
   ruby 1.9.3p551

BUNDLED WITH
   1.16.1
